GEM
  remote: https://rubygems.org/
  specs:
    concurrent-ruby (1.2.3)
    tzinfo (2.0.6)
      concurrent-ruby (~> 1.0)

PLATFORMS
  x86_64-darwin-21
  x86_64-darwin-22
  x86_64-linux

DEPENDENCIES
  tzinfo

BUNDLED WITH
   2.4.1
